PATH
  remote: .
  specs:
    bitstamp-2 (0.4.1)
      activemodel (>= 3.1)
      activesupport (>= 3.1)
      httpi (~> 2.4.1)
      ruby-hmac (= 0.4.0)

GEM
  remote: http://rubygems.org/
  specs:
    activemodel (4.2.6)
      activesupport (= 4.2.6)
      builder (~> 3.1)
    activesupport (4.2.6)
      i18n (~> 0.7)
      json (~> 1.7, >= 1.7.7)
      minitest (~> 5.1)
      thread_safe (~> 0.3, >= 0.3.4)
      tzinfo (~> 1.1)
    addressable (2.3.5)
    builder (3.2.2)
    crack (0.4.1)
      safe_yaml (~> 0.9.0)
    diff-lcs (1.2.4)
    git (1.2.5)
    httpi (2.4.1)
      rack
    i18n (0.7.0)
    jeweler (1.8.4)
      bundler (~> 1.0)
      git (>= 1.2.5)
      rake
      rdoc
    json (1.8.3)
    minitest (5.8.4)
    rack (1.6.4)
    rake (10.0.4)
    rdoc (3.12.2)
      json (~> 1.4)
    rspec (2.13.0)
      rspec-core (~> 2.13.0)
      rspec-expectations (~> 2.13.0)
      rspec-mocks (~> 2.13.0)
    rspec-core (2.13.1)
    rspec-expectations (2.13.0)
      diff-lcs (>= 1.1.3, < 2.0)
    rspec-mocks (2.13.1)
    ruby-hmac (0.4.0)
    safe_yaml (0.9.7)
    thread_safe (0.3.5)
    tzinfo (1.2.2)
      thread_safe (~> 0.1)
    vcr (2.6.0)
    webmock (1.13.0)
      addressable (>= 2.2.7)
      crack (>= 0.3.2)

PLATFORMS
  ruby

DEPENDENCIES
  bitstamp-2!
  bundler (~> 1.11.2)
  jeweler (~> 1.8.4)
  rdoc (~> 3.12)
  rspec
  vcr (= 2.6.0)
  webmock (= 1.13.0)

BUNDLED WITH
   1.11.2
